GEM
  remote: http://rubygems.org/
  specs:
    appium_lib (0.18.2)
      awesome_print (~> 1.2.0)
      json (~> 1.8.1)
      posix-spawn (~> 0.3.8)
      selenium-webdriver (~> 2.39.0)
      toml (~> 0.0.4)
      webkit_remote (~> 0.4.1)
    awesome_print (1.2.0)
    blankslate (2.1.2.4)
    builder (3.2.2)
    childprocess (0.4.0)
      ffi (~> 1.0, >= 1.0.11)
    cucumber (1.3.10)
      builder (>= 2.1.2)
      diff-lcs (>= 1.1.3)
      gherkin (~> 2.12)
      multi_json (>= 1.7.5, < 2.0)
      multi_test (>= 0.0.2)
    diff-lcs (1.2.5)
    eventmachine (1.0.3)
    faye-websocket (0.7.2)
      eventmachine (>= 0.12.0)
      websocket-driver (>= 0.3.1)
    ffi (1.9.3)
    gherkin (2.12.2)
      multi_json (~> 1.3)
    json (1.8.1)
    multi_json (1.8.4)
    multi_test (0.0.3)
    parslet (1.5.0)
      blankslate (~> 2.0)
    posix-spawn (0.3.8)
    rubyzip (1.1.0)
    selenium-webdriver (2.39.0)
      childprocess (>= 0.2.5)
      multi_json (~> 1.0)
      rubyzip (~> 1.0)
      websocket (~> 1.0.4)
    toml (0.0.4)
      parslet
    webkit_remote (0.4.1)
      eventmachine (>= 1.0.0)
      faye-websocket (>= 0.4.6)
      posix-spawn (>= 0.3.6)
    websocket (1.0.7)
    websocket-driver (0.3.2)

PLATFORMS
  ruby

DEPENDENCIES
  appium_lib
  cucumber
